GEM
  remote: https://rubygems.org/
  specs:
    rack (2.2.16)
    sinatra (1.0)
      rack (>= 1.0)

PLATFORMS
  x86_64-linux

DEPENDENCIES
  rack (~> 2.2)
  sinatra

BUNDLED WITH
   2.4.19
